GEM
  remote: https://rubygems.org/
  specs:
    redis (4.7.1)

PLATFORMS
  x86_64-linux

DEPENDENCIES
  redis

BUNDLED WITH
   2.3.7
